GEM
  remote: https://rubygems.org/
  specs:
    appraisal (2.2.0)
      bundler
      rake
      thor (>= 0.14.0)
    ast (2.4.0)
    byebug (11.0.1)
    coderay (1.1.2)
    diff-lcs (1.3)
    fssm (0.2.10)
    jaro_winkler (1.5.2)
    method_source (0.9.2)
    multi_json (1.14.1)
    parallel (1.17.0)
    parser (2.6.3.0)
      ast (~> 2.4.0)
    pry (0.12.2)
      coderay (~> 1.1.0)
      method_source (~> 0.9.0)
    pry-byebug (3.7.0)
      byebug (~> 11.0)
      pry (~> 0.10)
    pygments.rb (1.2.1)
      multi_json (>= 1.0.0)
    rack (2.0.8)
    rainbow (3.0.0)
    rake (13.0.1)
    redcarpet (3.4.0)
    rspec (3.9.0)
      rspec-core (~> 3.9.0)
      rspec-expectations (~> 3.9.0)
      rspec-mocks (~> 3.9.0)
    rspec-core (3.9.0)
      rspec-support (~> 3.9.0)
    rspec-expectations (3.9.0)
      diff-lcs (>= 1.2.0, < 2.0)
      rspec-support (~> 3.9.0)
    rspec-mocks (3.9.0)
      diff-lcs (>= 1.2.0, < 2.0)
      rspec-support (~> 3.9.0)
    rspec-support (3.9.0)
    rubocop (0.71.0)
      jaro_winkler (~> 1.5.1)
      parallel (~> 1.10)
      parser (>= 2.6)
      rainbow (>= 2.2.2, < 4.0)
      ruby-progressbar (~> 1.7)
      unicode-display_width (>= 1.4.0, < 1.7)
    rubocop-rails (2.0.0)
      rack (>= 2.0)
      rubocop (>= 0.70.0)
    ruby-progressbar (1.10.1)
    thor (0.20.0)
    unicode-display_width (1.6.0)
    yard (0.9.20)
    zeus (0.15.14)
      method_source (>= 0.6.7)

PLATFORMS
  ruby

DEPENDENCIES
  appraisal (= 2.2.0)
  bundler (~> 1.1)
  fssm
  pry
  pry-byebug
  pygments.rb
  rake (= 13.0.1)
  redcarpet
  rspec (~> 3.9)
  rubocop
  rubocop-rails
  yard
  zeus

BUNDLED WITH
   1.17.3
