PATH
  remote: .
  specs:
    shoulda-matchers (2.3.0)
      activesupport (>= 3.0.0)

GEM
  remote: https://rubygems.org/
  specs:
    actionmailer (3.2.14)
      actionpack (= 3.2.14)
      mail (~> 2.5.4)
    actionpack (3.2.14)
      activemodel (= 3.2.14)
      activesupport (= 3.2.14)
      builder (~> 3.0.0)
      erubis (~> 2.7.0)
      journey (~> 1.0.4)
      rack (~> 1.4.5)
      rack-cache (~> 1.2)
      rack-test (~> 0.6.1)
      sprockets (~> 2.2.1)
    activemodel (3.2.14)
      activesupport (= 3.2.14)
      builder (~> 3.0.0)
    activerecord (3.2.14)
      activemodel (= 3.2.14)
      activesupport (= 3.2.14)
      arel (~> 3.0.2)
      tzinfo (~> 0.3.29)
    activeresource (3.2.14)
      activemodel (= 3.2.14)
      activesupport (= 3.2.14)
    activesupport (3.2.14)
      i18n (~> 0.6, >= 0.6.4)
      multi_json (~> 1.0)
    appraisal (0.5.2)
      bundler
      rake
    arel (3.0.2)
    aruba (0.5.3)
      childprocess (>= 0.3.6)
      cucumber (>= 1.1.1)
      rspec-expectations (>= 2.7.0)
    bourne (1.5.0)
      mocha (>= 0.13.2, < 0.15)
    builder (3.0.4)
    childprocess (0.3.9)
      ffi (~> 1.0, >= 1.0.11)
    cucumber (1.3.5)
      builder (>= 2.1.2)
      diff-lcs (>= 1.1.3)
      gherkin (~> 2.12.0)
      multi_json (~> 1.7.5)
      multi_test (>= 0.0.2)
    diff-lcs (1.2.4)
    erubis (2.7.0)
    ffi (1.9.0)
    gherkin (2.12.0)
      multi_json (~> 1.3)
    hike (1.2.3)
    i18n (0.6.4)
    journey (1.0.4)
    json (1.8.0)
    mail (2.5.4)
      mime-types (~> 1.16)
      treetop (~> 1.4.8)
    metaclass (0.0.1)
    mime-types (1.23)
    mocha (0.14.0)
      metaclass (~> 0.0.1)
    multi_json (1.7.7)
    multi_test (0.0.2)
    polyglot (0.3.3)
    rack (1.4.5)
    rack-cache (1.2)
      rack (>= 0.4)
    rack-ssl (1.3.3)
      rack
    rack-test (0.6.2)
      rack (>= 1.0)
    rails (3.2.14)
      actionmailer (= 3.2.14)
      actionpack (= 3.2.14)
      activerecord (= 3.2.14)
      activeresource (= 3.2.14)
      activesupport (= 3.2.14)
      bundler (~> 1.0)
      railties (= 3.2.14)
    railties (3.2.14)
      actionpack (= 3.2.14)
      activesupport (= 3.2.14)
      rack-ssl (~> 1.3.2)
      rake (>= 0.8.7)
      rdoc (~> 3.4)
      thor (>= 0.14.6, < 2.0)
    rake (10.1.0)
    rdoc (3.12.2)
      json (~> 1.4)
    rspec-core (2.14.4)
    rspec-expectations (2.14.0)
      diff-lcs (>= 1.1.3, < 2.0)
    rspec-mocks (2.14.1)
    rspec-rails (2.14.0)
      actionpack (>= 3.0)
      activesupport (>= 3.0)
      railties (>= 3.0)
      rspec-core (~> 2.14.0)
      rspec-expectations (~> 2.14.0)
      rspec-mocks (~> 2.14.0)
    shoulda-context (1.1.4)
    sprockets (2.2.2)
      hike (~> 1.2)
      multi_json (~> 1.0)
      rack (~> 1.0)
      tilt (~> 1.1, != 1.3.0)
    sqlite3 (1.3.7)
    thor (0.18.1)
    tilt (1.4.1)
    treetop (1.4.14)
      polyglot
      polyglot (>= 0.3.1)
    tzinfo (0.3.37)

PLATFORMS
  ruby

DEPENDENCIES
  activerecord-jdbc-adapter
  activerecord-jdbcsqlite3-adapter
  appraisal (~> 0.4)
  aruba
  bourne (~> 1.3)
  bundler (~> 1.1)
  cucumber (~> 1.1)
  jdbc-sqlite3
  jruby-openssl
  rails (~> 3.0)
  rake (>= 0.9.2)
  rspec-rails (>= 2.13.1, < 3)
  shoulda-context (~> 1.1.2)
  shoulda-matchers!
  sqlite3
  therubyrhino
